GEM
  remote: http://rubygems.org/
  specs:
    activesupport (3.0.3)
    nokogiri (1.4.4)
    rack (1.2.1)
    rack-contrib (1.1.0)
      rack (>= 0.9.1)
    rack-rewrite (1.0.2)

PLATFORMS
  ruby

DEPENDENCIES
  activesupport
  nokogiri
  rack
  rack-contrib
  rack-rewrite
